GEM
  remote: http://rubygems.org/
  remote: http://gemcutter.org/
  specs:
    actionmailer (2.3.11)
      actionpack (= 2.3.11)
    actionpack (2.3.11)
      activesupport (= 2.3.11)
      rack (~> 1.1.0)
    activerecord (2.3.11)
      activesupport (= 2.3.11)
    activeresource (2.3.11)
      activesupport (= 2.3.11)
    activesupport (2.3.11)
    daemon_controller (0.2.6)
    fastthread (1.0.7)
    file-tail (1.0.5)
      spruz (>= 0.1.0)
    mysql2 (0.2.6)
    passenger (3.0.5)
      daemon_controller (>= 0.2.5)
      fastthread (>= 1.0.1)
      file-tail
      rack
      rake (>= 0.8.1)
    rack (1.1.2)
    rails (2.3.11)
      actionmailer (= 2.3.11)
      actionpack (= 2.3.11)
      activerecord (= 2.3.11)
      activeresource (= 2.3.11)
      activesupport (= 2.3.11)
      rake (>= 0.8.3)
    rake (0.8.7)
    rcov (0.9.9)
    rr (1.0.2)
    rspec (1.3.1)
    rspec-rails (1.3.3)
      rack (>= 1.0.0)
      rspec (= 1.3.1)
    shoulda (2.11.3)
    spruz (0.2.5)
    will_paginate (2.3.15)
    xml-simple (1.0.14)

PLATFORMS
  ruby

DEPENDENCIES
  mysql2 (= 0.2.6)
  passenger (= 3.0.5)
  rails (= 2.3.11)
  rcov (= 0.9.9)
  rr (= 1.0.2)
  rspec-rails (= 1.3.3)
  shoulda (= 2.11.3)
  will_paginate (= 2.3.15)
  xml-simple (= 1.0.14)
